GEM
remote: https://rubygems.org/
specs:
  actioncable (6.1.4)
  actionmailbox (6.1.4)
  actionmailer (6.1.4)
  actionpack (6.1.4)
  actiontext (6.1.4)
  actionview (6.1.4)
  activejob (6.1.4)
  activemodel (6.1.4)
  activerecord (6.1.4)
  activestorage (6.1.4)
  activesupport (6.1.4)
  bundler (2.2.22)
  bootsnap (1.7.7)
  byebug (11.1.3)
  coffee-rails (5.0.0)
  dotenv (2.7.6)
  jbuilder (2.11.2)
  jquery-rails (4.4.0)
  pg (1.2.3)
  puma (5.3.2)
  rails (6.1.4)
  rails-controller-testing (1.0.5)
  sass-rails (6.0.0)
  webpacker (5.2.1)
  webpacker-ui (0.1.0)

PLATFORMS
  ruby

DEPENDENCIES
  bootsnap (>= 1.4.2)
  coffee-rails
  dotenv
  jbuilder
  jquery-rails
  pg
  puma
  rails (~> 6.1.4)
  sass-rails
  webpacker

BUNDLED WITH
   2.2.22